GEM
  remote: http://rubygems.org/
  specs:
    addressable (2.2.6)
    faraday (0.7.4)
      addressable (~> 2.2.6)
      multipart-post (~> 1.1.0)
      rack (>= 1.1.0, < 2)
    json (1.6.0)
    mash (0.1.1)
    multi_json (1.0.3)
    multipart-post (1.1.3)
    oauth (0.4.5)
    oauth2 (0.5.0)
      faraday (>= 0.6.1, < 0.8)
      multi_json (~> 1.0.0)
    rack (1.3.2)
    sinatra (1.2.6)
      rack (~> 1.1)
      tilt (>= 1.2.2, < 2.0)
    tilt (1.3.3)
    yammer4r (0.1.5)
      json (>= 1.1.7)
      mash (>= 0.0.3)
      oauth (>= 0.3.5)

PLATFORMS
  ruby

DEPENDENCIES
  json
  oauth2
  sinatra
  yammer4r
