GEM
  remote: http://rubygems.org/
  specs:
    json (1.6.0)
    liquid (2.2.2)
    rack (1.3.3)
    sinatra (1.2.6)
      rack (~> 1.1)
      tilt (< 2.0, >= 1.2.2)
    tilt (1.3.3)

PLATFORMS
  ruby

DEPENDENCIES
  json
  liquid
  sinatra
