GEM
  remote: http://rubygems.org/
  specs:
    addressable (2.2.6)
    data_objects (0.10.6)
      addressable (~> 2.1)
    datamapper (1.0.2)
      dm-aggregates (= 1.0.2)
      dm-constraints (= 1.0.2)
      dm-core (= 1.0.2)
      dm-migrations (= 1.0.2)
      dm-serializer (= 1.0.2)
      dm-timestamps (= 1.0.2)
      dm-transactions (= 1.0.2)
      dm-types (= 1.0.2)
      dm-validations (= 1.0.2)
    dm-aggregates (1.0.2)
      dm-core (~> 1.0.2)
    dm-constraints (1.0.2)
      dm-core (~> 1.0.2)
      dm-migrations (~> 1.0.2)
    dm-core (1.0.2)
      addressable (~> 2.2)
      extlib (~> 0.9.15)
    dm-do-adapter (1.0.2)
      data_objects (~> 0.10.2)
      dm-core (~> 1.0.2)
    dm-migrations (1.0.2)
      dm-core (~> 1.0.2)
    dm-postgres-adapter (1.0.2)
      dm-do-adapter (~> 1.0.2)
      do_postgres (~> 0.10.2)
    dm-serializer (1.0.2)
      dm-core (~> 1.0.2)
      fastercsv (~> 1.5.3)
      json_pure (~> 1.4)
    dm-timestamps (1.0.2)
      dm-core (~> 1.0.2)
    dm-transactions (1.0.2)
      dm-core (~> 1.0.2)
    dm-types (1.0.2)
      dm-core (~> 1.0.2)
      fastercsv (~> 1.5.3)
      json_pure (~> 1.4)
      stringex (~> 1.1.0)
      uuidtools (~> 2.1.1)
    dm-validations (1.0.2)
      dm-core (~> 1.0.2)
    do_postgres (0.10.6)
      data_objects (= 0.10.6)
    extlib (0.9.15)
    faraday (0.6.1)
      addressable (~> 2.2.4)
      multipart-post (~> 1.1.0)
      rack (>= 1.1.0, < 2)
    fastercsv (1.5.4)
    haml (3.1.3)
    json (1.6.0)
    json_pure (1.6.0)
    mash (0.1.1)
    multi_json (1.0.3)
    multipart-post (1.1.3)
    oauth (0.4.5)
    oauth2 (0.4.1)
      faraday (~> 0.6.1)
      multi_json (>= 0.0.5)
    rack (1.3.2)
    sinatra (1.2.6)
      rack (~> 1.1)
      tilt (>= 1.2.2, < 2.0)
    stringex (1.1.0)
    tilt (1.3.3)
    uuidtools (2.1.2)
    yammer4r (0.1.5)
      json (>= 1.1.7)
      mash (>= 0.0.3)
      oauth (>= 0.3.5)

PLATFORMS
  ruby

DEPENDENCIES
  datamapper
  dm-postgres-adapter
  haml
  json
  oauth2 (= 0.4.1)
  sinatra
  yammer4r
