GEM
  remote: http://rubygems.org/
  specs:
    json (1.6.0)
    mash (0.1.1)
    oauth (0.4.5)
    rack (1.3.2)
    sinatra (1.2.6)
      rack (~> 1.1)
      tilt (>= 1.2.2, < 2.0)
    tilt (1.3.3)
    yammer4r (0.1.5)
      json (>= 1.1.7)
      mash (>= 0.0.3)
      oauth (>= 0.3.5)

PLATFORMS
  ruby

DEPENDENCIES
  sinatra
  yammer4r
